GEM
  remote: https://rubygems.org/
  specs:
    addressable (2.3.5)
    atomic (1.1.14)
    backports (3.3.5)
    buftok (0.2.0)
    chronic (0.10.2)
    coderay (1.1.0)
    daemons (1.1.9)
    descendants_tracker (0.0.3)
    equalizer (0.0.9)
    eventmachine (1.0.3)
    faraday (0.8.8)
      multipart-post (~> 1.2.0)
    haml (4.0.4)
      tilt
    http (0.5.0)
      http_parser.rb
    http_parser.rb (0.6.0)
    json (1.8.1)
    memoizable (0.4.0)
      thread_safe (~> 0.1.3)
    method_source (0.8.2)
    minitest (5.2.0)
    multi_json (1.8.2)
    multipart-post (1.2.0)
    newrelic_rpm (3.7.1.180)
    pry (0.9.12.4)
      coderay (~> 1.0)
      method_source (~> 0.8)
      slop (~> 3.4)
    rack (1.5.2)
    rack-protection (1.5.1)
      rack
    rack-test (0.6.2)
      rack (>= 1.0)
    rake (10.1.1)
    sass (3.2.13)
    simple_oauth (0.2.0)
    sinatra (1.4.4)
      rack (~> 1.4)
      rack-protection (~> 1.4)
      tilt (~> 1.3, >= 1.3.4)
    sinatra-contrib (1.4.2)
      backports (>= 2.0)
      multi_json
      rack-protection
      rack-test
      sinatra (~> 1.4.0)
      tilt (~> 1.3)
    slop (3.4.7)
    thin (1.6.1)
      daemons (>= 1.0.9)
      eventmachine (>= 1.0.0)
      rack (>= 1.0.0)
    thread_safe (0.1.3)
      atomic
    tilt (1.4.1)
    timecop (0.7.0)
    twitter (5.4.1)
      addressable (~> 2.3)
      buftok (~> 0.2.0)
      descendants_tracker (~> 0.0.3)
      equalizer (~> 0.0.9)
      faraday (>= 0.8, < 0.10)
      http (~> 0.5.0)
      http_parser.rb (~> 0.6.0)
      json (~> 1.8)
      memoizable (~> 0.4.0)
      simple_oauth (~> 0.2.0)

PLATFORMS
  ruby

DEPENDENCIES
  chronic
  haml
  minitest
  newrelic_rpm
  pry
  rake
  sass
  sinatra
  sinatra-contrib
  thin
  timecop
  twitter
